GEM
  remote: http://ruby.taobao.org/
  specs:
    RedCloth (4.2.9)
    blankslate (2.1.2.4)
    chunky_png (1.3.0)
    classifier (1.3.4)
      fast-stemmer (>= 1.0.0)
    colorator (0.1)
    commander (4.1.6)
      highline (~> 1.6.11)
    compass (0.12.4)
      chunky_png (~> 1.2)
      fssm (>= 0.2.7)
      sass (~> 3.2.17)
    fast-stemmer (1.0.2)
    ffi (1.9.3)
    fssm (0.2.10)
    haml (4.0.5)
      tilt
    highline (1.6.21)
    jekyll (1.5.1)
      classifier (~> 1.3)
      colorator (~> 0.1)
      commander (~> 4.1.3)
      liquid (~> 2.5.5)
      listen (~> 1.3)
      maruku (= 0.7.0)
      pygments.rb (~> 0.5.0)
      redcarpet (~> 2.3.0)
      safe_yaml (~> 1.0)
      toml (~> 0.1.0)
    kramdown (1.3.3)
    liquid (2.5.5)
    listen (1.3.1)
      rb-fsevent (>= 0.9.3)
      rb-inotify (>= 0.9)
      rb-kqueue (>= 0.2)
    maruku (0.7.0)
    parslet (1.5.0)
      blankslate (~> 2.0)
    posix-spawn (0.3.8)
    pygments.rb (0.5.4)
      posix-spawn (~> 0.3.6)
      yajl-ruby (~> 1.1.0)
    rake (10.2.2)
    rb-fsevent (0.9.4)
    rb-inotify (0.9.3)
      ffi (>= 0.5.0)
    rb-kqueue (0.2.2)
      ffi (>= 0.5.0)
    rdiscount (2.1.7)
    redcarpet (2.3.0)
    rubypants (0.2.0)
    safe_yaml (1.0.1)
    sass (3.2.18)
    sass-globbing (1.1.0)
      sass (>= 3.1)
    stringex (2.4.2)
    tilt (2.0.1)
    toml (0.1.1)
      parslet (~> 1.5.0)
    yajl-ruby (1.1.0)

PLATFORMS
  ruby

DEPENDENCIES
  RedCloth (~> 4.2.9)
  compass (~> 0.12.4)
  haml (~> 4.0.5)
  jekyll (~> 1.5.1)
  kramdown
  rake (~> 10.2.2)
  rdiscount (~> 2.1.7)
  redcarpet
  rubypants (~> 0.2.0)
  sass-globbing (~> 1.1.0)
  stringex (~> 2.4.2)
